{
	"Modality": "MR",
	"MagneticFieldStrength": 3,
	"Manufacturer": "Siemens",
	"ManufacturersModelName": "TrioTim",
	"InstitutionName": "Brigham_Young_University",
	"InstitutionalDepartmentName": "MRI",
	"InstitutionAddress": "University_Pkwy_1700_North_685_Provo_EDEA48_UT_US_84601",
	"DeviceSerialNumber": "35002",
	"StationName": "MRC35002",
	"PatientPosition": "HFS",
	"ProcedureStepDescription": "Research_KIRWAN",
	"SoftwareVersions": "syngo_MR_B17",
	"MRAcquisitionType": "2D",
	"SeriesDescription": "HHR_struct_MODIFIED",
	"ProtocolName": "HHR_struct_MODIFIED",
	"ScanningSequence": "SE",
	"SequenceVariant": "SK_SP_OSP",
	"SequenceName": "_tse2d1_15",
	"ImageType": ["ORIGINAL", "PRIMARY", "M", "ND"],
	"SeriesNumber": 8,
	"AcquisitionTime": "15:54:20.770000",
	"AcquisitionNumber": 1,
	"SliceThickness": 2,
	"SpacingBetweenSlices": 2,
	"SAR": 0.552567,
	"EchoTime": 0.08,
	"RepetitionTime": 8.02,
	"FlipAngle": 150,
	"PartialFourier": 1,
	"BaseResolution": 384,
	"ShimSetting": [
		-2600,
		-22817,
		2335,
		1081,
		91,
		109,
		371,
		226	],
	"TxRefAmp": 321.212,
	"PhaseResolution": 1,
	"PhaseOversampling": 0.99,
	"ReceiveCoilName": "32Ch_Head",
	"PulseSequenceDetails": "%SiemensSeq%_tse",
	"PercentPhaseFOV": 100,
	"EchoTrainLength": 15,
	"PhaseEncodingSteps": 765,
	"AcquisitionMatrixPE": 384,
	"ReconMatrixPE": 384,
	"PixelBandwidth": 99,
	"DwellTime": 1.32e-05,
	"PhaseEncodingDirection": "i",
	"ImageOrientationPatientDICOM": [
		0.999973,
		0.00740148,
		-2.09214e-10,
		-0.00245842,
		0.332144,
		-0.943226	],
	"InPlanePhaseEncodingDirectionDICOM": "ROW",
	"ConversionSoftware": "dcm2niix",
	"ConversionSoftwareVersion": "v1.0.20180404 Clang8.0.0"
}
