{
	"Modality": "MR",
	"MagneticFieldStrength": 3,
	"ImagingFrequency": 123.263,
	"Manufacturer": "Siemens",
	"ManufacturersModelName": "TrioTim",
	"InstitutionName": "Brigham_Young_University",
	"InstitutionalDepartmentName": "MRI",
	"InstitutionAddress": "University_Pkwy_1700_North_685_Provo_AEC1C0_UT_US_84601",
	"DeviceSerialNumber": "35002",
	"StationName": "MRC35002",
	"PatientPosition": "HFS",
	"ProcedureStepDescription": "Research_KIRWAN",
	"SoftwareVersions": "syngo_MR_B17",
	"MRAcquisitionType": "2D",
	"SeriesDescription": "HHR_struct_MODIFIED",
	"ProtocolName": "HHR_struct_MODIFIED",
	"ScanningSequence": "SE",
	"SequenceVariant": "SK_SP_OSP",
	"SequenceName": "_tse2d1_15",
	"ImageType": ["ORIGINAL", "PRIMARY", "M", "ND"],
	"SeriesNumber": 8,
	"AcquisitionTime": "15:19:28.880000",
	"AcquisitionNumber": 1,
	"SliceThickness": 2,
	"SpacingBetweenSlices": 2,
	"SAR": 0.677276,
	"EchoTime": 0.08,
	"RepetitionTime": 8.02,
	"FlipAngle": 150,
	"PartialFourier": 1,
	"BaseResolution": 384,
	"ShimSetting": [
		-2785,
		-22872,
		2413,
		548,
		-21,
		638,
		85,
		343	],
	"TxRefAmp": 427.63,
	"PhaseResolution": 1,
	"PhaseOversampling": 0.99,
	"ReceiveCoilName": "32Ch_Head",
	"CoilString": "C:HEA;HEP",
	"PulseSequenceDetails": "%SiemensSeq%_tse",
	"PercentPhaseFOV": 100,
	"EchoTrainLength": 15,
	"PhaseEncodingSteps": 765,
	"AcquisitionMatrixPE": 384,
	"ReconMatrixPE": 384,
	"PixelBandwidth": 99,
	"DwellTime": 1.32e-05,
	"PhaseEncodingDirection": "i",
	"SliceTiming": [
		0,
		4.21875,
		0.39062,
		4.60938,
		0.76562,
		4.98438,
		1.15625,
		5.375,
		1.53125,
		5.75,
		1.92188,
		6.14062,
		2.3125,
		6.51562,
		2.6875,
		6.90625,
		3.07812,
		7.29688,
		3.45312,
		7.67188,
		3.84375	],
	"ImageOrientationPatientDICOM": [
		0.999965,
		0.00835263,
		-3.35599e-11,
		-0.00458567,
		0.54899,
		-0.835816	],
	"InPlanePhaseEncodingDirectionDICOM": "ROW",
	"ConversionSoftware": "dcm2niix",
	"ConversionSoftwareVersion": "v1.0.20190902"
}
