{
	"Modality": "MR",
	"MagneticFieldStrength": 3,
	"ImagingFrequency": 123.263,
	"Manufacturer": "Siemens",
	"ManufacturersModelName": "TrioTim",
	"InstitutionName": "Brigham_Young_University",
	"InstitutionalDepartmentName": "MRI",
	"InstitutionAddress": "University_Pkwy_1700_North_685_Provo_AEC1C0_UT_US_84601",
	"DeviceSerialNumber": "35002",
	"StationName": "MRC35002",
	"PatientPosition": "HFS",
	"ProcedureStepDescription": "Research_KIRWAN",
	"SoftwareVersions": "syngo_MR_B17",
	"MRAcquisitionType": "2D",
	"SeriesDescription": "Blip_1",
	"ProtocolName": "Blip_1",
	"ScanningSequence": "EP",
	"SequenceVariant": "SK_SS",
	"ScanOptions": "FS",
	"SequenceName": "epfid2d1_100",
	"ImageType": ["ORIGINAL", "PRIMARY", "M", "MB", "ND", "MOSAIC"],
	"SeriesNumber": 13,
	"AcquisitionTime": "15:57:49.310000",
	"AcquisitionNumber": 1,
	"ImageComments": "Unaliased_MB4_PE3_(remote)",
	"SliceThickness": 1.8,
	"SpacingBetweenSlices": 1.8,
	"SAR": 0.0696812,
	"EchoTime": 0.0452,
	"RepetitionTime": 2.2,
	"FlipAngle": 90,
	"PartialFourier": 1,
	"BaseResolution": 100,
	"ShimSetting": [
		-2748,
		-22776,
		2250,
		577,
		-6,
		497,
		-363,
		293	],
	"TxRefAmp": 335.654,
	"PhaseResolution": 1,
	"VendorReportedEchoSpacing": 0.00075,
	"ReceiveCoilName": "32Ch_Head",
	"CoilString": "C:HEA;HEP",
	"PulseSequenceDetails": "%CustomerSeq%_cmrr_mbep2d_bold",
	"MultibandAccelerationFactor": 4,
	"PercentPhaseFOV": 100,
	"PhaseEncodingSteps": 100,
	"AcquisitionMatrixPE": 100,
	"ReconMatrixPE": 100,
	"BandwidthPerPixelPhaseEncode": 13.333,
	"EffectiveEchoSpacing": 0.000750019,
	"DerivedVendorReportedEchoSpacing": 0.000750019,
	"TotalReadoutTime": 0.0742519,
	"PixelBandwidth": 1786,
	"DwellTime": 2.8e-06,
	"PhaseEncodingDirection": "j-",
	"SliceTiming": [
		0,
		1.595,
		0.98,
		0.3675,
		1.9625,
		1.35,
		0.735,
		0.1225,
		1.7175,
		1.1025,
		0.49,
		2.085,
		1.4725,
		0.8575,
		0.245,
		1.84,
		1.2275,
		0.6125,
		0,
		1.595,
		0.98,
		0.3675,
		1.9625,
		1.35,
		0.735,
		0.1225,
		1.7175,
		1.1025,
		0.49,
		2.085,
		1.4725,
		0.8575,
		0.245,
		1.84,
		1.2275,
		0.6125,
		0,
		1.595,
		0.98,
		0.3675,
		1.9625,
		1.35,
		0.735,
		0.1225,
		1.7175,
		1.1025,
		0.49,
		2.085,
		1.4725,
		0.8575,
		0.245,
		1.84,
		1.2275,
		0.6125,
		0,
		1.595,
		0.98,
		0.3675,
		1.9625,
		1.35,
		0.735,
		0.1225,
		1.7175,
		1.1025,
		0.49,
		2.085,
		1.4725,
		0.8575,
		0.245,
		1.84,
		1.2275,
		0.6125	],
	"ImageOrientationPatientDICOM": [
		1,
		-1e-16,
		0,
		1e-16,
		0.999994,
		0.00349065	],
	"InPlanePhaseEncodingDirectionDICOM": "COL",
	"ConversionSoftware": "dcm2niix",
	"ConversionSoftwareVersion": "v1.0.20190902"
}
