{
  "Modality": "MR",
  "MagneticFieldStrength": 3,
  "ImagingFrequency": 123.263,
  "Manufacturer": "Siemens",
  "ManufacturersModelName": "TrioTim",
  "InstitutionName": "Brigham_Young_University",
  "InstitutionalDepartmentName": "MRI",
  "InstitutionAddress": "University_Pkwy_1700_North_685_Provo_EDEA48_UT_US_84601",
  "DeviceSerialNumber": "35002",
  "StationName": "MRC35002",
  "PatientPosition": "HFS",
  "ProcedureStepDescription": "Research_KIRWAN",
  "SoftwareVersions": "syngo_MR_B17",
  "MRAcquisitionType": "2D",
  "SeriesDescription": "FaceTest2",
  "ProtocolName": "FaceTest2",
  "ScanningSequence": "EP",
  "SequenceVariant": "SK_SS",
  "ScanOptions": "FS",
  "SequenceName": "epfid2d1_100",
  "ImageType": [
    "ORIGINAL",
    "PRIMARY",
    "M",
    "MB",
    "ND",
    "MOSAIC"
  ],
  "SeriesNumber": 12,
  "AcquisitionTime": "10:16:33.710000",
  "AcquisitionNumber": 1,
  "ImageComments": "Unaliased_MB4_PE3_(remote)",
  "SliceThickness": 1.8,
  "SpacingBetweenSlices": 1.8,
  "SAR": 0.187415,
  "EchoTime": 0.042,
  "RepetitionTime": 1.8,
  "FlipAngle": 90,
  "PartialFourier": 1,
  "BaseResolution": 100,
  "ShimSetting": [
    -2741,
    -22839,
    2236,
    689,
    -41,
    38,
    -495,
    403
  ],
  "TxRefAmp": 416.465,
  "PhaseResolution": 1,
  "ReceiveCoilName": "32Ch_Head",
  "CoilString": "C:HEA;HEP",
  "PulseSequenceDetails": "%CustomerSeq%_cmrr_mbep2d_bold",
  "MultibandAccelerationFactor": 4,
  "PercentPhaseFOV": 100,
  "PhaseEncodingSteps": 100,
  "AcquisitionMatrixPE": 100,
  "ReconMatrixPE": 100,
  "BandwidthPerPixelPhaseEncode": 14.493,
  "EffectiveEchoSpacing": 0.000689988,
  "DerivedVendorReportedEchoSpacing": 0.000689988,
  "TotalReadoutTime": 0.0683088,
  "PixelBandwidth": 1786,
  "DwellTime": 2.8e-06,
  "PhaseEncodingDirection": "j-",
  "SliceTiming": [
    0,
    1.305,
    0.8025,
    0.3025,
    1.6075,
    1.105,
    0.6025,
    0.1,
    1.405,
    0.905,
    0.4025,
    1.7075,
    1.205,
    0.7025,
    0.2,
    1.505,
    1.005,
    0.5025,
    0,
    1.305,
    0.8025,
    0.3025,
    1.6075,
    1.105,
    0.6025,
    0.1,
    1.405,
    0.905,
    0.4025,
    1.7075,
    1.205,
    0.7025,
    0.2,
    1.505,
    1.005,
    0.5025,
    0,
    1.305,
    0.8025,
    0.3025,
    1.6075,
    1.105,
    0.6025,
    0.1,
    1.405,
    0.905,
    0.4025,
    1.7075,
    1.205,
    0.7025,
    0.2,
    1.505,
    1.005,
    0.5025,
    0,
    1.305,
    0.8025,
    0.3025,
    1.6075,
    1.105,
    0.6025,
    0.1,
    1.405,
    0.905,
    0.4025,
    1.7075,
    1.205,
    0.7025,
    0.2,
    1.505,
    1.005,
    0.5025
  ],
  "ImageOrientationPatientDICOM": [
    1,
    0,
    0,
    0,
    1,
    0
  ],
  "InPlanePhaseEncodingDirectionDICOM": "COL",
  "ConversionSoftware": "dcm2niix",
  "ConversionSoftwareVersion": "v1.0.20190902",
  "TaskName": "FaceTest",
  "TR": "1.8"
}
