{
	"Modality": "MR",
	"MagneticFieldStrength": 3,
	"Manufacturer": "Siemens",
	"ManufacturersModelName": "TrioTim",
	"InstitutionName": "Brigham_Young_University",
	"InstitutionalDepartmentName": "MRI",
	"InstitutionAddress": "University_Pkwy_1700_North_685_Provo_EDEA48_UT_US_84601",
	"DeviceSerialNumber": "35002",
	"StationName": "MRC35002",
	"PatientPosition": "HFS",
	"ProcedureStepDescription": "Research_KIRWAN",
	"SoftwareVersions": "syngo_MR_B17",
	"MRAcquisitionType": "2D",
	"SeriesDescription": "Reverse_Blip_2",
	"ProtocolName": "Reverse_Blip_2",
	"ScanningSequence": "EP",
	"SequenceVariant": "SK_SS",
	"ScanOptions": "FS",
	"SequenceName": "epfid2d1_100",
	"ImageType": ["ORIGINAL", "PRIMARY", "M", "MB", "ND", "MOSAIC"],
	"SeriesNumber": 14,
	"AcquisitionTime": "12:23:58.607500",
	"AcquisitionNumber": 1,
	"ImageComments": "Unaliased_MB4_PE3_(remote)",
	"SliceThickness": 1.8,
	"SpacingBetweenSlices": 1.8,
	"SAR": 0.0903742,
	"EchoTime": 0.0452,
	"RepetitionTime": 2.2,
	"FlipAngle": 90,
	"PartialFourier": 1,
	"BaseResolution": 100,
	"ShimSetting": [
		-2624,
		-22832,
		2342,
		817,
		76,
		489,
		-489,
		428	],
	"TxRefAmp": 322.59,
	"PhaseResolution": 1,
	"VendorReportedEchoSpacing": 0.00075,
	"ReceiveCoilName": "32Ch_Head",
	"PulseSequenceDetails": "%CustomerSeq%_cmrr_mbep2d_bold",
	"MultibandAccelerationFactor": 4,
	"PercentPhaseFOV": 100,
	"PhaseEncodingSteps": 100,
	"AcquisitionMatrixPE": 100,
	"ReconMatrixPE": 100,
	"BandwidthPerPixelPhaseEncode": 13.333,
	"EffectiveEchoSpacing": 0.000750019,
	"DerivedVendorReportedEchoSpacing": 0.000750019,
	"TotalReadoutTime": 0.0742519,
	"PixelBandwidth": 1786,
	"DwellTime": 2.8e-06,
	"PhaseEncodingDirection": "j",
	"SliceTiming": [
		0,
		1.595,
		0.9825,
		0.3675,
		1.9625,
		1.35,
		0.7375,
		0.1225,
		1.7175,
		1.105,
		0.49,
		2.085,
		1.4725,
		0.86,
		0.245,
		1.84,
		1.2275,
		0.6125,
		0,
		1.595,
		0.9825,
		0.3675,
		1.9625,
		1.35,
		0.7375,
		0.1225,
		1.7175,
		1.105,
		0.49,
		2.085,
		1.4725,
		0.86,
		0.245,
		1.84,
		1.2275,
		0.6125,
		0,
		1.595,
		0.9825,
		0.3675,
		1.9625,
		1.35,
		0.7375,
		0.1225,
		1.7175,
		1.105,
		0.49,
		2.085,
		1.4725,
		0.86,
		0.245,
		1.84,
		1.2275,
		0.6125,
		0,
		1.595,
		0.9825,
		0.3675,
		1.9625,
		1.35,
		0.7375,
		0.1225,
		1.7175,
		1.105,
		0.49,
		2.085,
		1.4725,
		0.86,
		0.245,
		1.84,
		1.2275,
		0.6125	],
	"ImageOrientationPatientDICOM": [
		1,
		0,
		0,
		0,
		1,
		0	],
	"InPlanePhaseEncodingDirectionDICOM": "COL",
	"ConversionSoftware": "dcm2niix",
	"ConversionSoftwareVersion": "v1.0.20180404 Clang8.0.0"
}
