{
	"Modality": "MR",
	"MagneticFieldStrength": 3,
	"ImagingFrequency": 123.265424,
	"Manufacturer": "Siemens",
	"ManufacturersModelName": "TrioTim",
	"InstitutionName": "Brigham Young University",
	"InstitutionalDepartmentName": "MRI",
	"InstitutionAddress": "University Pkwy 1700 North 685,Provo//EDEA48//,UT,US,84601",
	"DeviceSerialNumber": "35002",
	"StationName": "MRC35002",
	"PatientPosition": "HFS",
	"ProcedureStepDescription": "Research^KIRWAN",
	"SoftwareVersions": "syngo MR B17",
	"MRAcquisitionType": "2D",
	"StudyDescription": "Research^KIRWAN",
	"SeriesDescription": "gre_field_mapping",
	"ProtocolName": "gre_field_mapping",
	"ScanningSequence": "GR",
	"SequenceVariant": "SP",
	"SequenceName": "*fm2d2r",
	"ImageType": ["ORIGINAL", "PRIMARY", "M", "ND", "MAGNITUDE"],
	"NonlinearGradientCorrection": false,
	"SeriesNumber": 6,
	"AcquisitionTime": "16:02:4.610000",
	"AcquisitionNumber": 1,
	"SliceThickness": 3,
	"SpacingBetweenSlices": 3,
	"SAR": 0.236893,
	"TablePosition": [
		0,
		0,
		-0	],
	"EchoNumber": 1,
	"EchoTime": 0.00492,
	"RepetitionTime": 0.529,
	"FlipAngle": 60,
	"PartialFourier": 1,
	"BaseResolution": 68,
	"ShimSetting": [
		-2640,
		-22929,
		2333,
		775,
		46,
		130,
		86,
		433	],
	"TxRefAmp": 326.105,
	"PhaseResolution": 1,
	"ReceiveCoilName": "32Ch_Head",
	"CoilString": "C:HEA;HEP",
	"PulseSequenceDetails": "%SiemensSeq%\\gre_field_mapping",
	"CoilCombinationMethod": "Sum of Squares",
	"ConsistencyInfo": "N4_VB17A_LATEST_20090307",
	"MatrixCoilMode": "SENSE",
	"PercentPhaseFOV": 100,
	"PercentSampling": 100,
	"PhaseEncodingSteps": 68,
	"AcquisitionMatrixPE": 68,
	"ReconMatrixPE": 68,
	"PixelBandwidth": 291,
	"DwellTime": 2.53e-05,
	"PhaseEncodingDirection": "i",
	"SliceTiming": [
		0.26562,
		0,
		0.28125,
		0.01562,
		0.28125,
		0.01562,
		0.29688,
		0.03125,
		0.3125,
		0.04688,
		0.3125,
		0.04688,
		0.32812,
		0.0625,
		0.34375,
		0.07812,
		0.34375,
		0.09375,
		0.35938,
		0.09375,
		0.375,
		0.10938,
		0.39062,
		0.10938,
		0.39062,
		0.125,
		0.40625,
		0.14062,
		0.40625,
		0.15625,
		0.42188,
		0.15625,
		0.4375,
		0.17188,
		0.45312,
		0.1875,
		0.45312,
		0.1875,
		0.46875,
		0.20312,
		0.48438,
		0.21875,
		0.48438,
		0.21875,
		0.5,
		0.23438,
		0.51562,
		0.25,
		0.51562,
		0.25	],
	"ImageOrientationPatientDICOM": [
		1,
		-2.05103e-10,
		0,
		2.05103e-10,
		1,
		0	],
	"ImageOrientationText": "Tra",
	"InPlanePhaseEncodingDirectionDICOM": "ROW",
	"BidsGuess": ["fmap","_acq-fm2_magnitude1"],
	"ConversionSoftware": "dcm2niix",
	"ConversionSoftwareVersion": "v1.0.20260416"
}
