{
	"Modality": "MR",
	"MagneticFieldStrength": 3,
	"ImagingFrequency": 123.262551,
	"Manufacturer": "Siemens",
	"ManufacturersModelName": "TrioTim",
	"InstitutionName": "Brigham Young University",
	"InstitutionalDepartmentName": "MRI",
	"InstitutionAddress": "University Pkwy 1700 North 685,Provo//AEC1C0//,UT,US,84601",
	"DeviceSerialNumber": "35002",
	"StationName": "MRC35002",
	"PatientPosition": "HFS",
	"ProcedureStepDescription": "Research^KIRWAN",
	"SoftwareVersions": "syngo MR B17",
	"MRAcquisitionType": "2D",
	"StudyDescription": "Research^KIRWAN",
	"SeriesDescription": "gre_field_mapping",
	"ProtocolName": "gre_field_mapping",
	"ScanningSequence": "GR",
	"SequenceVariant": "SP",
	"SequenceName": "*fm2d2r",
	"ImageType": ["ORIGINAL", "PRIMARY", "M", "ND", "MAGNITUDE"],
	"NonlinearGradientCorrection": false,
	"SeriesNumber": 6,
	"AcquisitionTime": "10:51:19.790000",
	"AcquisitionNumber": 1,
	"SliceThickness": 3,
	"SpacingBetweenSlices": 3,
	"SAR": 0.251961,
	"TablePosition": [
		0,
		0,
		-0	],
	"EchoNumber": 1,
	"EchoTime": 0.00492,
	"RepetitionTime": 0.529,
	"FlipAngle": 60,
	"PartialFourier": 1,
	"BaseResolution": 68,
	"ShimSetting": [
		-2744,
		-22678,
		2160,
		668,
		-120,
		964,
		-270,
		262	],
	"TxRefAmp": 343.496,
	"PhaseResolution": 1,
	"ReceiveCoilName": "32Ch_Head",
	"CoilString": "C:HEA;HEP",
	"PulseSequenceDetails": "%SiemensSeq%\\gre_field_mapping",
	"CoilCombinationMethod": "Sum of Squares",
	"ConsistencyInfo": "N4_VB17A_LATEST_20090307",
	"MatrixCoilMode": "SENSE",
	"PercentPhaseFOV": 100,
	"PercentSampling": 100,
	"PhaseEncodingSteps": 68,
	"AcquisitionMatrixPE": 68,
	"ReconMatrixPE": 68,
	"PixelBandwidth": 291,
	"DwellTime": 2.53e-05,
	"PhaseEncodingDirection": "i",
	"SliceTiming": [
		0.26562,
		0,
		0.27344,
		0.00781,
		0.28906,
		0.02344,
		0.29688,
		0.03125,
		0.3125,
		0.04688,
		0.32031,
		0.05469,
		0.32812,
		0.0625,
		0.34375,
		0.07812,
		0.35156,
		0.08594,
		0.35938,
		0.09375,
		0.375,
		0.10938,
		0.38281,
		0.11719,
		0.39062,
		0.13281,
		0.40625,
		0.14062,
		0.41406,
		0.14844,
		0.42969,
		0.16406,
		0.4375,
		0.17188,
		0.44531,
		0.17969,
		0.45312,
		0.19531,
		0.46875,
		0.20312,
		0.47656,
		0.21094,
		0.49219,
		0.22656,
		0.5,
		0.23438,
		0.50781,
		0.25,
		0.52344,
		0.25781	],
	"ImageOrientationPatientDICOM": [
		1,
		-2.05103e-10,
		0,
		2.05103e-10,
		1,
		0	],
	"ImageOrientationText": "Tra",
	"InPlanePhaseEncodingDirectionDICOM": "ROW",
	"BidsGuess": ["fmap","_acq-fm2_magnitude1"],
	"ConversionSoftware": "dcm2niix",
	"ConversionSoftwareVersion": "v1.0.20260416"
}
